GIT
  remote: https://github.com/rspec/rspec-core.git
  revision: 002ebcb65324bca7b3ee044e22f4c02133fce14d
  branch: master
  specs:
    rspec-core (3.10.0.pre)
      rspec-support (= 3.10.0.pre)

GIT
  remote: https://github.com/rspec/rspec-expectations.git
  revision: 9f224eaeb5c6d7eaaab0f7f6e355efd9329328f8
  branch: master
  specs:
    rspec-expectations (3.10.0.pre)
      diff-lcs (>= 1.2.0, < 2.0)
      rspec-support (= 3.10.0.pre)

GIT
  remote: https://github.com/rspec/rspec-mocks.git
  revision: 81c17e89b2722cb225d602e08b600e4a4f6148a4
  branch: master
  specs:
    rspec-mocks (3.10.0.pre)
      diff-lcs (>= 1.2.0, < 2.0)
      rspec-support (= 3.10.0.pre)

GIT
  remote: https://github.com/rspec/rspec-rails.git
  revision: e886b55c7f6d311b4bc5a7785a288c0ea5032fb6
  branch: master
  specs:
    rspec-rails (4.0.0.pre)
      actionpack (>= 4.2)
      activesupport (>= 4.2)
      railties (>= 4.2)
      rspec-core (= 3.10.0.pre)
      rspec-expectations (= 3.10.0.pre)
      rspec-mocks (= 3.10.0.pre)
      rspec-support (= 3.10.0.pre)

GIT
  remote: https://github.com/rspec/rspec-support.git
  revision: 63c03e5e6f0ac858398933f820d37087f57c315a
  branch: master
  specs:
    rspec-support (3.10.0.pre)

GEM
  remote: https://rubygems.org/
  specs:
    actioncable (6.0.2.2)
      actionpack (= 6.0.2.2)
      nio4r (~> 2.0)
      websocket-driver (>= 0.6.1)
    actionmailbox (6.0.2.2)
      actionpack (= 6.0.2.2)
      activejob (= 6.0.2.2)
      activerecord (= 6.0.2.2)
      activestorage (= 6.0.2.2)
      activesupport (= 6.0.2.2)
      mail (>= 2.7.1)
    actionmailer (6.0.2.2)
      actionpack (= 6.0.2.2)
      actionview (= 6.0.2.2)
      activejob (= 6.0.2.2)
      mail (~> 2.5, >= 2.5.4)
      rails-dom-testing (~> 2.0)
    actionpack (6.0.2.2)
      actionview (= 6.0.2.2)
      activesupport (= 6.0.2.2)
      rack (~> 2.0, >= 2.0.8)
      rack-test (>= 0.6.3)
      rails-dom-testing (~> 2.0)
      rails-html-sanitizer (~> 1.0, >= 1.2.0)
    actiontext (6.0.2.2)
      actionpack (= 6.0.2.2)
      activerecord (= 6.0.2.2)
      activestorage (= 6.0.2.2)
      activesupport (= 6.0.2.2)
      nokogiri (>= 1.8.5)
    actionview (6.0.2.2)
      activesupport (= 6.0.2.2)
      builder (~> 3.1)
      erubi (~> 1.4)
      rails-dom-testing (~> 2.0)
      rails-html-sanitizer (~> 1.1, >= 1.2.0)
    activejob (6.0.2.2)
      activesupport (= 6.0.2.2)
      globalid (>= 0.3.6)
    activemodel (6.0.2.2)
      activesupport (= 6.0.2.2)
    activerecord (6.0.2.2)
      activemodel (= 6.0.2.2)
      activesupport (= 6.0.2.2)
    activestorage (6.0.2.2)
      actionpack (= 6.0.2.2)
      activejob (= 6.0.2.2)
      activerecord (= 6.0.2.2)
      marcel (~> 0.3.1)
    activesupport (6.0.2.2)
      concurrent-ruby (~> 1.0, >= 1.0.2)
      i18n (>= 0.7, < 2)
      minitest (~> 5.1)
      tzinfo (~> 1.1)
      zeitwerk (~> 2.2)
    bootsnap (1.4.6)
      msgpack (~> 1.0)
    builder (3.2.4)
    byebug (11.1.1)
    concurrent-ruby (1.1.6)
    crass (1.0.6)
    diff-lcs (1.3)
    dotenv (2.7.5)
    dotenv-rails (2.7.5)
      dotenv (= 2.7.5)
      railties (>= 3.2, < 6.1)
    erubi (1.9.0)
    factory_bot (5.1.1)
      activesupport (>= 4.2.0)
    factory_bot_rails (5.1.1)
      factory_bot (~> 5.1.0)
      railties (>= 4.2.0)
    ffi (1.12.2)
    globalid (0.4.2)
      activesupport (>= 4.2.0)
    i18n (1.8.2)
      concurrent-ruby (~> 1.0)
    jbuilder (2.10.0)
      activesupport (>= 5.0.0)
    jwt (2.2.1)
    listen (3.1.5)
      rb-fsevent (~> 0.9, >= 0.9.4)
      rb-inotify (~> 0.9, >= 0.9.7)
      ruby_dep (~> 1.2)
    loofah (2.4.0)
      crass (~> 1.0.2)
      nokogiri (>= 1.5.9)
    mail (2.7.1)
      mini_mime (>= 0.1.1)
    marcel (0.3.3)
      mimemagic (~> 0.3.2)
    method_source (1.0.0)
    mimemagic (0.3.10)
      nokogiri (~> 1)
      rake
    mini_mime (1.0.2)
    mini_portile2 (2.8.0)
    minitest (5.14.0)
    msgpack (1.3.3)
    nio4r (2.5.2)
    nokogiri (1.13.6)
      mini_portile2 (~> 2.8.0)
      racc (~> 1.4)
    pg (1.2.3)
    puma (4.3.3)
      nio4r (~> 2.0)
    racc (1.6.0)
    rack (2.2.2)
    rack-test (1.1.0)
      rack (>= 1.0, < 3)
    rails (6.0.2.2)
      actioncable (= 6.0.2.2)
      actionmailbox (= 6.0.2.2)
      actionmailer (= 6.0.2.2)
      actionpack (= 6.0.2.2)
      actiontext (= 6.0.2.2)
      actionview (= 6.0.2.2)
      activejob (= 6.0.2.2)
      activemodel (= 6.0.2.2)
      activerecord (= 6.0.2.2)
      activestorage (= 6.0.2.2)
      activesupport (= 6.0.2.2)
      bundler (>= 1.3.0)
      railties (= 6.0.2.2)
      sprockets-rails (>= 2.0.0)
    rails-controller-testing (1.0.4)
      actionpack (>= 5.0.1.x)
      actionview (>= 5.0.1.x)
      activesupport (>= 5.0.1.x)
    rails-dom-testing (2.0.3)
      activesupport (>= 4.2.0)
      nokogiri (>= 1.6)
    rails-html-sanitizer (1.3.0)
      loofah (~> 2.3)
    railties (6.0.2.2)
      actionpack (= 6.0.2.2)
      activesupport (= 6.0.2.2)
      method_source
      rake (>= 0.8.7)
      thor (>= 0.20.3, < 2.0)
    rake (13.0.1)
    rb-fsevent (0.10.3)
    rb-inotify (0.10.1)
      ffi (~> 1.0)
    ruby_dep (1.5.0)
    shoulda-callback-matchers (1.1.4)
      activesupport (>= 3)
    shoulda-matchers (4.3.0)
      activesupport (>= 4.2.0)
    spring (2.1.0)
    spring-watcher-listen (2.0.1)
      listen (>= 2.7, < 4.0)
      spring (>= 1.2, < 3.0)
    sprockets (4.0.0)
      concurrent-ruby (~> 1.0)
      rack (> 1, < 3)
    sprockets-rails (3.2.1)
      actionpack (>= 4.0)
      activesupport (>= 4.0)
      sprockets (>= 3.0.0)
    thor (1.0.1)
    thread_safe (0.3.6)
    tzinfo (1.2.6)
      thread_safe (~> 0.1)
    websocket-driver (0.7.1)
      websocket-extensions (>= 0.1.0)
    websocket-extensions (0.1.4)
    zeitwerk (2.3.0)

PLATFORMS
  ruby

DEPENDENCIES
  bootsnap (>= 1.4.2)
  byebug
  dotenv-rails
  factory_bot_rails
  jbuilder (~> 2.7)
  jwt
  listen (>= 3.0.5, < 3.2)
  pg (>= 0.18, < 2.0)
  puma (~> 4.1)
  rails (~> 6.0.2, >= 6.0.2.2)
  rails-controller-testing
  rspec-core!
  rspec-expectations!
  rspec-mocks!
  rspec-rails!
  rspec-support!
  shoulda-callback-matchers (~> 1.1.1)
  shoulda-matchers
  spring
  spring-watcher-listen (~> 2.0.0)
  tzinfo-data

RUBY VERSION
   ruby 2.6.3p62

BUNDLED WITH
   1.17.3
